PATH
  remote: .
  specs:
    taxa (0.3.0)
      faraday (~> 1.1)
      json (~> 2.5)

GEM
  remote: https://rubygems.org/
  specs:
    ast (2.4.1)
    faraday (1.3.0)
      faraday-net_http (~> 1.0)
      multipart-post (>= 1.2, < 3)
      ruby2_keywords
    faraday-net_http (1.0.1)
    json (2.5.1)
    minitest (5.14.2)
    multipart-post (2.1.1)
    parallel (1.20.1)
    parser (2.7.2.0)
      ast (~> 2.4.1)
    rainbow (3.0.0)
    rake (12.3.3)
    regexp_parser (2.0.0)
    rexml (3.2.4)
    rubocop (1.6.1)
      parallel (~> 1.10)
      parser (>= 2.7.1.5)
      rainbow (>= 2.2.2, < 4.0)
      regexp_parser (>= 1.8, < 3.0)
      rexml
      rubocop-ast (>= 1.2.0, < 2.0)
      ruby-progressbar (~> 1.7)
      unicode-display_width (>= 1.4.0, < 2.0)
    rubocop-ast (1.3.0)
      parser (>= 2.7.1.5)
    ruby-progressbar (1.10.1)
    ruby2_keywords (0.0.4)
    unicode-display_width (1.7.0)

PLATFORMS
  ruby

DEPENDENCIES
  minitest (~> 5.0)
  rake (~> 12.0)
  rubocop (~> 1.6)
  taxa!

BUNDLED WITH
   2.2.3
